GEM
  remote: https://rubygems.org/
  specs:
    asposebarcodejava (0.0.2)
      rjb (~> 1.5.2)
    diff-lcs (1.5.0)
    ffi (1.15.5)
    mustermann (1.1.1)
      ruby2_keywords (~> 0.0.1)
    nio4r (2.5.8)
    puma (5.6.4)
      nio4r (~> 2.0)
    rack (2.2.3.1)
    rack-protection (2.2.0)
      rack
    rghost (0.9.7)
    rjb (1.5.9)
    rmagick (2.16.0)
    rspec (3.11.0)
      rspec-core (~> 3.11.0)
      rspec-expectations (~> 3.11.0)
      rspec-mocks (~> 3.11.0)
    rspec-core (3.11.0)
      rspec-support (~> 3.11.0)
    rspec-expectations (3.11.0)
      diff-lcs (>= 1.2.0, < 2.0)
      rspec-support (~> 3.11.0)
    rspec-mocks (3.11.1)
      diff-lcs (>= 1.2.0, < 2.0)
      rspec-support (~> 3.11.0)
    rspec-support (3.11.0)
    ruby2_keywords (0.0.5)
    sinatra (2.2.0)
      mustermann (~> 1.0)
      rack (~> 2.2)
      rack-protection (= 2.2.0)
      tilt (~> 2.0)
    tilt (2.0.10)
    zxing_cpp (0.1.1)
      ffi (~> 1.1)
      rmagick (~> 2.13)

PLATFORMS
  x86_64-linux

DEPENDENCIES
  asposebarcodejava
  puma
  rghost
  rjb
  rmagick
  rspec
  sinatra
  zxing_cpp

BUNDLED WITH
   2.3.15
